GIT
  remote: git://github.com/tent/tent-schemas.git
  revision: cba97282efb8988fc6efb0a8ab9401040a9b48cc
  specs:
    tent-schemas (0.2.0)
      json-schema

GIT
  remote: git://github.com/titanous/asset_sync.git
  revision: 64f86044921b7029cf3be673a1920aa7fdfe8604
  branch: fix-mime
  specs:
    asset_sync (0.5.0)
      activemodel
      fog

GEM
  remote: https://rubygems.org/
  specs:
    activemodel (3.2.13)
      activesupport (= 3.2.13)
      builder (~> 3.0.0)
    activesupport (3.2.13)
      i18n (= 0.6.1)
      multi_json (~> 1.0)
    adsf (1.1.1)
      rack (>= 1.0.0)
    builder (3.0.4)
    clogger (1.2.0)
      rack (> 0.9)
    colored (1.2)
    cri (2.3.0)
      colored (>= 1.2)
    excon (0.22.1)
    fog (1.11.1)
      builder
      excon (~> 0.20)
      formatador (~> 0.2.0)
      json (~> 1.7)
      mime-types
      net-scp (~> 1.1)
      net-ssh (>= 2.1.3)
      nokogiri (~> 1.5.0)
      ruby-hmac
    formatador (0.2.4)
    fssm (0.2.10)
    i18n (0.6.1)
    json (1.8.0)
    json-schema (1.1.1)
    mime-types (1.23)
    multi_json (1.7.3)
    nanoc (3.6.3)
      cri (~> 2.3)
    nanoc-cachebuster (0.3.1)
      nanoc (>= 3.3.0)
    net-scp (1.1.1)
      net-ssh (>= 2.6.5)
    net-ssh (2.6.7)
    nokogiri (1.5.9)
    posix-spawn (0.3.6)
    puma (2.0.1)
      rack (>= 1.1, < 2.0)
    pygments.rb (0.5.0)
      posix-spawn (~> 0.3.6)
      yajl-ruby (~> 1.1.0)
    rack (1.5.2)
    rack-rewrite (1.3.3)
    rainpress (1.0)
    redcarpet (2.2.2)
    ruby-hmac (0.4.0)
    slim (1.3.9)
      temple (~> 0.6.3)
      tilt (~> 1.3, >= 1.3.3)
    temple (0.6.4)
    tilt (1.4.1)
    yajl-ruby (1.1.0)

PLATFORMS
  ruby

DEPENDENCIES
  adsf
  asset_sync!
  clogger
  fssm
  mime-types
  nanoc
  nanoc-cachebuster
  nokogiri
  puma
  pygments.rb
  rack
  rack-rewrite
  rainpress
  redcarpet
  slim
  tent-schemas!
